GIT
  remote: https://github.com/bookworm/Scorched.git
  revision: 7e4faf7aea36151c9414480d929104fa0525d325
  ref: 7e4faf7aea36151c9414480d929104fa0525d325
  specs:
    scorched (0.7)
      rack (~> 1.4)
      rack-accept (~> 0.4)
      tilt (~> 1.3)

PATH
  remote: .
  specs:
    scorched-helper (0.0.1)
      activesupport (~> 3.2.0)
      i18n (~> 0.6)
      rake (~> 10.0.0)
      scorched (~> 0.7)

GEM
  remote: https://rubygems.org/
  specs:
    activesupport (3.2.13)
      i18n (= 0.6.1)
      multi_json (~> 1.0)
    diff-lcs (1.2.1)
    i18n (0.6.1)
    multi_json (1.7.2)
    nokogiri (1.5.9)
    rack (1.5.2)
    rack-accept (0.4.5)
      rack (>= 0.4)
    rack-test (0.6.2)
      rack (>= 1.0)
    rake (10.0.4)
    rspec (2.13.0)
      rspec-core (~> 2.13.0)
      rspec-expectations (~> 2.13.0)
      rspec-mocks (~> 2.13.0)
    rspec-core (2.13.1)
    rspec-expectations (2.13.0)
      diff-lcs (>= 1.1.3, < 2.0)
    rspec-mocks (2.13.0)
    slim (1.3.6)
      temple (~> 0.5.5)
      tilt (~> 1.3.3)
    temple (0.5.5)
    tilt (1.3.6)
    webrat (0.7.3)
      nokogiri (>= 1.2.0)
      rack (>= 1.0)
      rack-test (>= 0.5.3)

PLATFORMS
  ruby

DEPENDENCIES
  rack-test (~> 0.6)
  rspec (~> 2.9)
  scorched!
  scorched-helper!
  slim (~> 1.3.6)
  webrat (~> 0.7.3)
